GEM
  remote: http://rubygems.org/
  specs:
    avro (1.6.1)
      yajl-ruby
    bson (1.5.2)
    iconv (0.1)
    json (1.6.3)
    mongo (1.5.2)
      bson (= 1.5.2)
    rack (1.3.5)
    rack-protection (1.1.4)
      rack
    shotgun (0.9)
      rack (>= 1.0)
    sinatra (1.3.1)
      rack (~> 1.3, >= 1.3.4)
      rack-protection (~> 1.1, >= 1.1.2)
      tilt (~> 1.3, >= 1.3.3)
    sinatra-mongo (0.1.0)
      mongo
      sinatra (>= 0.9.4)
    tilt (1.3.3)
    yajl-ruby (1.1.0)

PLATFORMS
  ruby

DEPENDENCIES
  avro
  iconv
  json
  mongo
  shotgun
  sinatra
  sinatra-mongo
  yajl-ruby
