GEM
  remote: http://rubygems.org/
  specs:
    avro (1.6.1)
      yajl-ruby
    bson (1.5.2)
    i18n (0.6.0)
    json (1.6.3)
    mail (2.3.0)
      i18n (>= 0.4.0)
      mime-types (~> 1.16)
      treetop (~> 1.4.8)
    mime-types (1.17.2)
    mongo (1.5.2)
      bson (= 1.5.2)
    polyglot (0.3.3)
    rack (1.3.5)
    rack-protection (1.1.4)
      rack
    ruby-gmail (0.2.1)
      mail (>= 2.2.1)
      shared-mime-info
    shared-mime-info (0.1)
    sinatra (1.3.1)
      rack (~> 1.3, >= 1.3.4)
      rack-protection (~> 1.1, >= 1.1.2)
      tilt (~> 1.3, >= 1.3.3)
    tilt (1.3.3)
    treetop (1.4.10)
      polyglot
      polyglot (>= 0.3.1)
    yajl-ruby (1.1.0)

PLATFORMS
  ruby

DEPENDENCIES
  avro
  json
  mail
  mongo
  ruby-gmail
  sinatra
  yajl-ruby
